PATH
  remote: .
  specs:
    imgur (0.3.1)
      crack
      curb

GEM
  remote: http://rubygems.org/
  specs:
    bacon (1.1.0)
    crack (0.3.1)
    curb (0.8.1)
    multi_json (1.3.6)
    simplecov (0.6.4)
      multi_json (~> 1.0)
      simplecov-html (~> 0.5.3)
    simplecov-html (0.5.3)
    yard (0.8.2.1)

PLATFORMS
  ruby

DEPENDENCIES
  bacon
  imgur!
  simplecov
  yard
